GEM
  remote: https://rubygems.org/
  specs:
    coderay (1.1.0)
    httparty (0.12.0)
      json (~> 1.8)
      multi_xml (>= 0.5.2)
    json (1.8.6)
    method_source (0.8.2)
    multi_xml (0.5.5)
    pry (0.9.12.4)
      coderay (~> 1.0)
      method_source (~> 0.8)
      slop (~> 3.4)
    rack (1.5.2)
    rack-protection (1.5.1)
      rack
    sinatra (1.4.4)
      rack (~> 1.4)
      rack-protection (~> 1.4)
      tilt (~> 1.3, >= 1.3.4)
    slop (3.4.7)
    tilt (1.4.1)

PLATFORMS
  ruby

DEPENDENCIES
  httparty
  pry
  sinatra

RUBY VERSION
   ruby 2.6.5p114

BUNDLED WITH
   1.17.3
